GEM
  remote: https://rubygems.org/
  specs:
    corefoundation (0.2.0)
      ffi
    ffi (1.9.18)
    highline (1.7.8)
    json (2.1.0)
    rb-scpt (1.0.2)
    ruby-keychain (0.3.2)
      corefoundation (~> 0.2.0)
      ffi
    terminal-notifier (1.8.0)
    trollop (2.1.2)

PLATFORMS
  ruby

DEPENDENCIES
  highline
  json
  rb-scpt
  ruby-keychain
  terminal-notifier
  trollop

BUNDLED WITH
   1.15.4
