GEM
  remote: https://rubygems.org/
  specs:
    coderay (1.1.1)
    corefoundation (0.2.0)
      ffi
    ffi (1.9.18)
    highline (1.7.8)
    json (2.1.0)
    method_source (0.8.2)
    pry (0.10.4)
      coderay (~> 1.1.0)
      method_source (~> 0.8.1)
      slop (~> 3.4)
    rb-scpt (1.0.1)
    ruby-keychain (0.3.2)
      corefoundation (~> 0.2.0)
      ffi
    slop (3.6.0)
    terminal-notifier (1.8.0)
    trollop (2.1.2)

PLATFORMS
  ruby

DEPENDENCIES
  highline
  json
  pry
  rb-scpt
  ruby-keychain
  terminal-notifier
  trollop

BUNDLED WITH
   1.15.1
